GEM
  remote: https://rubygems.org/
  specs:
    middleware (0.1.0)

PLATFORMS
  ruby

DEPENDENCIES
  middleware

BUNDLED WITH
   1.10.6
